GEM
  remote: https://rubygems.org/
  specs:
    dotenv (2.1.1)
    minitest (5.8.4)
    rack (1.6.4)
    rack-protection (1.5.3)
      rack
    rack-test (0.6.2)
      rack (>= 1.0)
    shotgun (0.9.1)
      rack (>= 1.0)
    sinatra (1.4.7)
      rack (~> 1.5)
      rack-protection (~> 1.4)
      tilt (>= 1.3, < 3)
    tilt (2.0.2)

PLATFORMS
  ruby

DEPENDENCIES
  dotenv (= 2.1.1)
  minitest (= 5.8.4)
  rack (= 1.6.4)
  rack-test (= 0.6.2)
  shotgun (= 0.9.1)
  sinatra (= 1.4.7)
  tilt (= 2.0.2)

BUNDLED WITH
   1.11.2
