GEM
  remote: https://rubygems.org/
  specs:
    byebug (9.1.0)
    dotenv (2.2.1)
    minitest (5.10.3)
    multi_json (1.12.2)
    mustermann (1.0.3)
    oj (3.3.6)
    puma (3.10.0)
    rack (2.0.7)
    rack-protection (2.0.5)
      rack
    rack-test (0.7.0)
      rack (>= 1.0, < 3)
    rake (12.3.3)
    rollbar (2.15.4)
      multi_json
    shotgun (0.9.2)
      rack (>= 1.0)
    sinatra (2.0.5)
      mustermann (~> 1.0)
      rack (~> 2.0)
      rack-protection (= 2.0.5)
      tilt (~> 2.0)
    tilt (2.0.9)

PLATFORMS
  ruby

DEPENDENCIES
  byebug
  dotenv
  minitest
  oj
  puma
  rack
  rack-test
  rake
  rollbar
  shotgun
  sinatra
  tilt

BUNDLED WITH
   1.16.5
