GEM
  remote: https://rubygems.org/
  specs:
    coderay (1.1.2)
    dotenv (2.1.1)
    method_source (0.8.2)
    minitest (5.8.4)
    multi_json (1.12.1)
    oj (2.12.14)
    pry (0.10.3)
      coderay (~> 1.1.0)
      method_source (~> 0.8.1)
      slop (~> 3.4)
    rack (1.6.4)
    rack-protection (1.5.3)
      rack
    rack-test (0.6.2)
      rack (>= 1.0)
    rollbar (2.8.3)
      multi_json
    shotgun (0.9.1)
      rack (>= 1.0)
    sinatra (1.4.7)
      rack (~> 1.5)
      rack-protection (~> 1.4)
      tilt (>= 1.3, < 3)
    slop (3.6.0)
    tilt (2.0.2)

PLATFORMS
  ruby

DEPENDENCIES
  dotenv (= 2.1.1)
  minitest (= 5.8.4)
  oj (~> 2.12.14)
  pry (= 0.10.3)
  rack (= 1.6.4)
  rack-test (= 0.6.2)
  rollbar (~> 2.8.3)
  shotgun (= 0.9.1)
  sinatra (= 1.4.7)
  tilt (= 2.0.2)


BUNDLED WITH
   1.11.2
