GEM
  remote: https://rubygems.org/
  specs:
    haml (4.0.5)
      tilt
    rack (1.4.4)
    rack-protection (1.3.2)
      rack
    shotgun (0.9)
      rack (>= 1.0)
    sinatra (1.3.3)
      rack (~> 1.3, >= 1.3.6)
      rack-protection (~> 1.2)
      tilt (~> 1.3, >= 1.3.3)
    tilt (1.3.3)

PLATFORMS
  ruby

DEPENDENCIES
  haml (= 4.0.5)
  rack
  shotgun
  sinatra
  tilt (~> 1.3.3)
