GEM
  remote: https://rubygems.org/
  specs:
    dotenv (0.10.0)
    excon (0.32.1)
    json (1.8.1)
    mandrill-api (1.0.51)
      excon (>= 0.16.0, < 1.0)
      json (>= 1.7.7, < 2.0)
    minitest (5.6.0)
    rack (1.4.4)
    rack-protection (1.3.2)
      rack
    rack-test (0.6.2)
      rack (>= 1.0)
    shotgun (0.9)
      rack (>= 1.0)
    sinatra (1.3.3)
      rack (~> 1.3, >= 1.3.6)
      rack-protection (~> 1.2)
      tilt (~> 1.3, >= 1.3.3)
    tilt (1.3.3)

PLATFORMS
  ruby

DEPENDENCIES
  dotenv (= 0.10.0)
  mandrill-api (= 1.0.51)
  minitest (= 5.6.0)
  rack (= 1.4.4)
  rack-test (= 0.6.2)
  shotgun (= 0.9)
  sinatra (= 1.3.3)
  tilt (= 1.3.3)

BUNDLED WITH
   1.10.4
